GEM
  remote: http://rubygems.org/
  specs:
    activemodel (3.2.8)
      activesupport (= 3.2.8)
      builder (~> 3.0.0)
    activesupport (3.2.8)
      i18n (~> 0.6)
      multi_json (~> 1.0)
    bson (1.3.1)
    bson_ext (1.3.1)
    builder (3.0.2)
    crack (0.1.8)
    httparty (0.7.8)
      crack (= 0.1.8)
    i18n (0.6.1)
    mongo (1.3.1)
      bson (>= 1.3.1)
    mongoid (3.0.5)
      activemodel (~> 3.1)
      moped (~> 1.1)
      origin (~> 1.0)
      tzinfo (~> 0.3.22)
    moped (1.2.1)
    multi_json (1.3.6)
    origin (1.0.8)
    tzinfo (0.3.33)

PLATFORMS
  ruby

DEPENDENCIES
  bson_ext
  httparty
  mongo
  mongoid (~> 3.0.0)
